GEM
  remote: http://rubygems.org/
  specs:
    backports (3.3.5)
    kgio (2.8.1)
    multi_json (1.8.2)
    open-uri-cached (0.0.5)
    rack (1.5.2)
    rack-protection (1.5.1)
      rack
    rack-test (0.6.2)
      rack (>= 1.0)
    raindrops (0.12.0)
    sinatra (1.4.4)
      rack (~> 1.4)
      rack-protection (~> 1.4)
      tilt (~> 1.3, >= 1.3.4)
    sinatra-contrib (1.4.1)
      backports (>= 2.0)
      multi_json
      rack-protection
      rack-test
      sinatra (~> 1.4.0)
      tilt (~> 1.3)
    tilt (1.4.1)
    unicorn (4.7.0)
      kgio (~> 2.6)
      rack
      raindrops (~> 0.7)

PLATFORMS
  ruby

DEPENDENCIES
  multi_json
  open-uri-cached
  sinatra
  sinatra-contrib
  unicorn

RUBY VERSION
   ruby 2.4.3p205

BUNDLED WITH
   1.16.1
